GEM
  remote: https://rubygems.org/
  specs:
    puma (2.10.2)
      rack (>= 1.1, < 2.0)
    rack (1.6.0)
    rack-rewrite (1.5.1)

PLATFORMS
  ruby

DEPENDENCIES
  puma
  rack
  rack-rewrite
